GIT
  remote: git://github.com/mharris717/coffee_short_get.git
  revision: 3901ebe7ffe68fd0131fe610ec09059db1a0cb3f
  specs:
    coffee_short_get (0.2.1)

GIT
  remote: git://github.com/mharris717/npm_overapp.git
  revision: 05a4a86cf15fc47ce75cc4c63a6c6a48da575b45
  branch: master
  specs:
    npm_overapp (0.0.1)
      mharris_ext
      rake

GIT
  remote: git://github.com/mharris717/overapp.git
  revision: 1fe99aa4339a84e6caf211fe6d2923efb5f1333b
  branch: master
  specs:
    overapp (0.5.1)
      andand
      mharris_ext (>= 1.7.1)
      ptools

GEM
  remote: https://rubygems.org/
  specs:
    actionmailer (4.0.2)
      actionpack (= 4.0.2)
      mail (~> 2.5.4)
    actionpack (4.0.2)
      activesupport (= 4.0.2)
      builder (~> 3.1.0)
      erubis (~> 2.7.0)
      rack (~> 1.5.2)
      rack-test (~> 0.6.2)
    activemodel (4.0.2)
      activesupport (= 4.0.2)
      builder (~> 3.1.0)
    activerecord (4.0.2)
      activemodel (= 4.0.2)
      activerecord-deprecated_finders (~> 1.0.2)
      activesupport (= 4.0.2)
      arel (~> 4.0.0)
    activerecord-deprecated_finders (1.0.3)
    activesupport (4.0.2)
      i18n (~> 0.6, >= 0.6.4)
      minitest (~> 4.2)
      multi_json (~> 1.3)
      thread_safe (~> 0.1)
      tzinfo (~> 0.3.37)
    andand (1.3.3)
    arel (4.0.1)
    atomic (1.1.14)
    builder (3.1.4)
    coderay (1.1.0)
    erubis (2.7.0)
    facets (2.9.3)
    fattr (2.2.1)
    ffi (1.9.3)
    formatador (0.2.4)
    guard (1.8.3)
      formatador (>= 0.2.4)
      listen (~> 1.3)
      lumberjack (>= 1.0.2)
      pry (>= 0.9.10)
      thor (>= 0.14.6)
    guard-rake (0.0.9)
      guard
      rake
    guard-shell (0.5.2)
      guard (>= 1.1.0)
    hike (1.2.3)
    i18n (0.6.9)
    listen (1.3.1)
      rb-fsevent (>= 0.9.3)
      rb-inotify (>= 0.9)
      rb-kqueue (>= 0.2)
    lumberjack (1.0.4)
    mail (2.5.4)
      mime-types (~> 1.16)
      treetop (~> 1.4.8)
    method_source (0.8.2)
    mharris_ext (1.7.1)
      facets
      fattr
    mime-types (1.25.1)
    minitest (4.7.5)
    multi_json (1.8.2)
    polyglot (0.3.3)
    pry (0.9.12.4)
      coderay (~> 1.0)
      method_source (~> 0.8)
      slop (~> 3.4)
    ptools (1.2.2)
    rack (1.5.2)
    rack-test (0.6.2)
      rack (>= 1.0)
    rails (4.0.2)
      actionmailer (= 4.0.2)
      actionpack (= 4.0.2)
      activerecord (= 4.0.2)
      activesupport (= 4.0.2)
      bundler (>= 1.3.0, < 2.0)
      railties (= 4.0.2)
      sprockets-rails (~> 2.0.0)
    railties (4.0.2)
      actionpack (= 4.0.2)
      activesupport (= 4.0.2)
      rake (>= 0.8.7)
      thor (>= 0.18.1, < 2.0)
    rake (10.1.0)
    rb-fsevent (0.9.3)
    rb-inotify (0.9.2)
      ffi (>= 0.5.0)
    rb-kqueue (0.2.0)
      ffi (>= 0.5.0)
    rb-readline (0.5.0)
    slop (3.4.7)
    sprockets (2.10.1)
      hike (~> 1.2)
      multi_json (~> 1.0)
      rack (~> 1.0)
      tilt (~> 1.1, != 1.3.0)
    sprockets-rails (2.0.1)
      actionpack (>= 3.0)
      activesupport (>= 3.0)
      sprockets (~> 2.8)
    thor (0.18.1)
    thread_safe (0.1.3)
      atomic
    tilt (1.4.1)
    treetop (1.4.15)
      polyglot
      polyglot (>= 0.3.1)
    tzinfo (0.3.38)

PLATFORMS
  ruby

DEPENDENCIES
  coffee_short_get!
  guard (~> 1.4)
  guard-rake
  guard-shell
  mharris_ext (>= 1.7.1)
  npm_overapp!
  overapp!
  rails
  rake
  rb-fsevent (~> 0.9)
  rb-readline
